GIT
  remote: git://github.com/RoxasShadow/yamazaki.git
  revision: 3cbf94f097acd05888893a2401371d598f8cc131
  specs:
    yamazaki (0.3)
      colorb (~> 0)

GEM
  remote: https://rubygems.org/
  specs:
    color (1.7.1)
    colorb (0.0.9)
      color
    rufus-scheduler (3.0.9)
      tzinfo
    thread_safe (0.3.4)
    tzinfo (1.2.2)
      thread_safe (~> 0.1)

PLATFORMS
  ruby

DEPENDENCIES
  rufus-scheduler
  yamazaki!
