GEM
  remote: https://rubygems.org/
  specs:
    builder (3.2.2)
    color (1.7.1)
    colorb (0.0.9)
      color
    cucumber (1.3.17)
      builder (>= 2.1.2)
      diff-lcs (>= 1.1.3)
      gherkin (~> 2.12)
      multi_json (>= 1.7.5, < 2.0)
      multi_test (>= 0.1.1)
    diff-lcs (1.2.5)
    ffi (1.9.6)
    ffi (1.9.6-x86-mingw32)
    filewatcher (0.3.6)
      trollop (~> 2.0)
    foreverb (0.3.3)
      thor (>= 0.15.0)
    gherkin (2.12.2)
      multi_json (~> 1.3)
    gherkin (2.12.2-x86-mingw32)
      multi_json (~> 1.3)
    libnotify (0.8.4)
      ffi (>= 1.0.11)
    multi_json (1.10.1)
    multi_test (0.1.1)
    oj (2.12.1)
    rake (10.4.2)
    rb-notifu (0.0.4)
    rspec (3.1.0)
      rspec-core (~> 3.1.0)
      rspec-expectations (~> 3.1.0)
      rspec-mocks (~> 3.1.0)
    rspec-core (3.1.7)
      rspec-support (~> 3.1.0)
    rspec-expectations (3.1.2)
      diff-lcs (>= 1.2.0, < 2.0)
      rspec-support (~> 3.1.0)
    rspec-mocks (3.1.3)
      rspec-support (~> 3.1.0)
    rspec-support (3.1.2)
    ruby_deep_clone (0.6.0)
    rufus-scheduler (3.0.9)
      tzinfo
    terminal-notifier (1.6.2)
    thor (0.19.1)
    thread_safe (0.3.4)
    trollop (2.0)
    tzinfo (1.2.2)
      thread_safe (~> 0.1)
    yamazaki (0.3.4)
      colorb (~> 0)
      oj (~> 2.1)

PLATFORMS
  ruby
  x86-mingw32

DEPENDENCIES
  cucumber
  filewatcher (>= 0.3.6)
  foreverb (>= 0.3.3)
  libnotify
  rake
  rb-notifu
  rspec
  ruby_deep_clone
  rufus-scheduler
  terminal-notifier
  yamazaki (>= 0.3.4)
